GIT
  remote: https://github.com/SciRuby/daru.git
  revision: 58372ca2c33301bb9304d3a40e34dfb1cf0e9d36
  specs:
    daru (0.2.0)
      backports
      packable (~> 1.3.9)

GIT
  remote: https://github.com/SciRuby/nyaplot.git
  revision: 662ebc60b0d1e9fbebe7e06530d8450d266ebbdd
  specs:
    nyaplot (0.1.6)

GIT
  remote: https://github.com/Shekharrajak/daru-data_tables.git
  revision: 9881ea9550d617c138e0bdfb2d3c1ea44d4338c7
  specs:
    daru-data_tables (0.1.0)
      daru

GIT
  remote: https://github.com/shekharrajak/daru-view.git
  revision: 1aa0e4df35acf19cc849805b137d26e2ccb7a85f
  specs:
    daru-view (0.1.0)
      actionview
      daru
      daru-data_tables
      google_visualr
      lazy_high_charts
      nyaplot

GIT
  remote: https://github.com/winston/google_visualr.git
  revision: 17b97114a345baadd011e7b442b9a6c91a2b7ab5
  specs:
    google_visualr (2.5.1)

PATH
  remote: .
  specs:
    datasaur (0.0.3)
      gli (= 2.17.1)

GEM
  remote: https://rubygems.org/
  specs:
    actionview (5.1.4)
      activesupport (= 5.1.4)
      builder (~> 3.1)
      erubi (~> 1.4)
      rails-dom-testing (~> 2.0)
      rails-html-sanitizer (~> 1.0, >= 1.0.3)
    activesupport (5.1.4)
      concurrent-ruby (~> 1.0, >= 1.0.2)
      i18n (~> 0.7)
      minitest (~> 5.1)
      tzinfo (~> 1.1)
    aruba (0.14.2)
      childprocess (~> 0.5.6)
      contracts (~> 0.9)
      cucumber (>= 1.3.19)
      ffi (~> 1.9.10)
      rspec-expectations (>= 2.99)
      thor (~> 0.19)
    awesome_print (1.8.0)
    backports (3.10.3)
    bond (0.5.1)
    bson (4.2.2)
    builder (3.2.3)
    childprocess (0.5.9)
      ffi (~> 1.0, >= 1.0.11)
    concurrent-ruby (1.0.5)
    contracts (0.16.0)
    crass (1.0.3)
    creek (2.1)
      httparty (~> 0.15.5)
      nokogiri (>= 1.7.0)
      rubyzip (>= 1.0.0)
    cucumber (3.1.0)
      builder (>= 2.1.2)
      cucumber-core (~> 3.1.0)
      cucumber-expressions (~> 5.0.4)
      cucumber-wire (~> 0.0.1)
      diff-lcs (~> 1.3)
      gherkin (~> 5.0)
      multi_json (>= 1.7.5, < 2.0)
      multi_test (>= 0.1.2)
    cucumber-core (3.1.0)
      backports (>= 3.8.0)
      cucumber-tag_expressions (~> 1.1.0)
      gherkin (>= 5.0.0)
    cucumber-expressions (5.0.7)
    cucumber-tag_expressions (1.1.1)
    cucumber-wire (0.0.1)
    data_uri (0.1.0)
    diff-lcs (1.3)
    erubi (1.7.0)
    ffi (1.9.18)
    ffi-rzmq (2.0.5)
      ffi-rzmq-core (>= 1.0.6)
    ffi-rzmq-core (1.0.6)
      ffi
    gherkin (5.0.0)
    gli (2.17.1)
    hash-deep-merge (0.1.1)
    highline (1.7.10)
    httparty (0.15.6)
      multi_xml (>= 0.5.2)
    i18n (0.9.1)
      concurrent-ruby (~> 1.0)
    iruby (0.3)
      bond (~> 0.5)
      data_uri (~> 0.1)
      mimemagic (~> 0.3)
      multi_json (~> 1.11)
    lazy_high_charts (1.5.8)
      hash-deep-merge
    loofah (2.1.1)
      crass (~> 1.0.2)
      nokogiri (>= 1.5.9)
    mimemagic (0.3.2)
    mini_portile2 (2.3.0)
    minitest (5.10.3)
    mongo (2.4.3)
      bson (>= 4.2.1, < 5.0.0)
    multi_json (1.12.2)
    multi_test (0.1.2)
    multi_xml (0.6.0)
    nokogiri (1.8.1)
      mini_portile2 (~> 2.3.0)
    options (2.3.2)
    packable (1.3.9)
      backports
    progress_bar (1.1.0)
      highline (~> 1.6)
      options (~> 2.3.0)
    rails-dom-testing (2.0.3)
      activesupport (>= 4.2.0)
      nokogiri (>= 1.6)
    rails-html-sanitizer (1.0.3)
      loofah (~> 2.0)
    rake (12.3.0)
    rbczmq (1.7.9)
    rdoc (5.1.0)
    roo (2.7.1)
      nokogiri (~> 1)
      rubyzip (~> 1.1, < 2.0.0)
    rspec-expectations (3.7.0)
      diff-lcs (>= 1.2.0, < 2.0)
      rspec-support (~> 3.7.0)
    rspec-support (3.7.0)
    rubyXL (3.3.26)
      nokogiri (>= 1.4.4)
      rubyzip (>= 1.1.6)
    rubyzip (1.2.1)
    thor (0.20.0)
    thread_safe (0.3.6)
    tzinfo (1.2.4)
      thread_safe (~> 0.1)
    xlsxtream (2.0.0)
      zip_tricks (~> 4.5)
    zip_tricks (4.5.2)

PLATFORMS
  ruby

DEPENDENCIES
  aruba
  awesome_print
  creek
  daru!
  daru-data_tables!
  daru-view!
  datasaur!
  ffi-rzmq
  google_visualr!
  iruby
  mongo
  nyaplot!
  progress_bar
  rake
  rbczmq
  rdoc
  roo
  rubyXL
  xlsxtream

BUNDLED WITH
   1.16.0
